GEM
  remote: https://rubygems.org/
  specs:
    aws-partitions (1.57.0)
    aws-sdk-cloudformation (1.3.0)
      aws-sdk-core (~> 3)
      aws-sigv4 (~> 1.0)
    aws-sdk-core (3.14.0)
      aws-partitions (~> 1.0)
      aws-sigv4 (~> 1.0)
      jmespath (~> 1.0)
    aws-sdk-ec2 (1.25.0)
      aws-sdk-core (~> 3)
      aws-sigv4 (~> 1.0)
    aws-sdk-iam (1.3.0)
      aws-sdk-core (~> 3)
      aws-sigv4 (~> 1.0)
    aws-sdk-kms (1.4.0)
      aws-sdk-core (~> 3)
      aws-sigv4 (~> 1.0)
    aws-sdk-rds (1.11.0)
      aws-sdk-core (~> 3)
      aws-sigv4 (~> 1.0)
    aws-sdk-route53 (1.7.0)
      aws-sdk-core (~> 3)
      aws-sigv4 (~> 1.0)
    aws-sdk-s3 (1.8.0)
      aws-sdk-core (~> 3)
      aws-sdk-kms (~> 1)
      aws-sigv4 (~> 1.0)
    aws-sigv4 (1.0.2)
    jmespath (1.3.1)

PLATFORMS
  ruby

DEPENDENCIES
  aws-sdk-cloudformation
  aws-sdk-core
  aws-sdk-ec2
  aws-sdk-iam
  aws-sdk-kms
  aws-sdk-rds
  aws-sdk-route53
  aws-sdk-s3

BUNDLED WITH
   1.16.1